GEM
  remote: http://rubygems.org/
  specs:
    addressable (2.2.3)
    eventmachine (0.12.10)
    faraday (0.5.4)
      addressable (~> 2.2.2)
      multipart-post (~> 1.1.0)
      rack (>= 1.1.0, < 2)
    faraday_middleware (0.3.1)
      faraday (~> 0.5.3)
    hashie (0.4.0)
    json (1.5.0)
    multi_json (0.0.5)
    multi_xml (0.2.0)
    multipart-post (1.1.0)
    rack (1.2.1)
    roauth (0.0.3)
    simple_oauth (0.1.3)
    twitter (1.1.1)
      faraday (~> 0.5.4)
      faraday_middleware (~> 0.3.1)
      hashie (~> 0.4.0)
      multi_json (~> 0.0.5)
      multi_xml (~> 0.2.0)
      simple_oauth (~> 0.1.3)
    twitter-stream (0.1.10)
      eventmachine (>= 0.12.8)
      roauth (>= 0.0.2)

PLATFORMS
  ruby

DEPENDENCIES
  json
  twitter
  twitter-stream
