GEM
  remote: http://rubygems.org/
  specs:
    eventmachine (0.12.10)
    faraday (0.8.4)
      multipart-post (~> 1.1)
    http_parser.rb (0.5.3)
    json (1.7.5)
    multi_json (1.3.6)
    multipart-post (1.1.5)
    simple_oauth (0.1.9)
    twitter (3.6.0)
      faraday (~> 0.8)
      multi_json (~> 1.3)
      simple_oauth (~> 0.1.6)
    twitter-stream (0.1.16)
      eventmachine (>= 0.12.8)
      http_parser.rb (~> 0.5.1)
      simple_oauth (~> 0.1.4)

PLATFORMS
  ruby

DEPENDENCIES
  json
  twitter
  twitter-stream
